GEM
  remote: http://rubygems.org/
  specs:
    atk (0.90.8)
      glib2 (>= 0.90.8)
    cairo (1.10.0)
      pkg-config
    gdk_pixbuf2 (0.90.8)
      glib2 (>= 0.90.8)
    git (1.2.5)
    glib2 (0.90.8)
      pkg-config
    gtk2 (0.90.8)
      atk (>= 0.90.8)
      gdk_pixbuf2 (>= 0.90.8)
      pango (>= 0.90.8)
    jeweler (1.6.0)
      bundler (~> 1.0.0)
      git (>= 1.2.5)
      rake
    pango (0.90.8)
      cairo (>= 1.10.0)
      glib2 (>= 0.90.8)
    pkg-config (1.1.1)
    rake (0.9.0)
    rcov (0.9.9)
    ruby-libappindicator (0.1.1)
      gtk2
    shoulda (2.11.3)

PLATFORMS
  ruby

DEPENDENCIES
  bundler (~> 1.0.0)
  jeweler (~> 1.6.0)
  rcov
  ruby-libappindicator
  shoulda
